PATH
  remote: .
  specs:
    distancecalculator (0.1.0)
      rantly
      thor

GEM
  remote: http://rubygems.org/
  specs:
    minitest (5.10.3)
    rake (10.5.0)
    rantly (1.1.0)
    thor (0.20.0)

PLATFORMS
  ruby

DEPENDENCIES
  bundler (~> 1.16.a)
  distancecalculator!
  minitest (~> 5.0)
  rake (~> 10.0)

BUNDLED WITH
   1.16.0.pre.3
